GEM
  remote: https://rubygems.org/
  specs:
<<<<<<< HEAD
    diff-lcs (1.2.5)
=======
    coderay (1.1.1)
    diff-lcs (1.2.5)
    method_source (0.8.2)
    pry (0.10.4)
      coderay (~> 1.1.0)
      method_source (~> 0.8.1)
      slop (~> 3.4)
>>>>>>> 3408e80858980dceaed63b6b24748297bd8d8e88
    rspec (3.5.0)
      rspec-core (~> 3.5.0)
      rspec-expectations (~> 3.5.0)
      rspec-mocks (~> 3.5.0)
    rspec-core (3.5.1)
      rspec-support (~> 3.5.0)
    rspec-expectations (3.5.0)
      diff-lcs (>= 1.2.0, < 2.0)
      rspec-support (~> 3.5.0)
    rspec-mocks (3.5.0)
      diff-lcs (>= 1.2.0, < 2.0)
      rspec-support (~> 3.5.0)
    rspec-support (3.5.0)
<<<<<<< HEAD
=======
    slop (3.6.0)
>>>>>>> 3408e80858980dceaed63b6b24748297bd8d8e88

PLATFORMS
  ruby

DEPENDENCIES
<<<<<<< HEAD
  rspec

RUBY VERSION
   ruby 2.3.1p112
=======
  pry
  rspec

RUBY VERSION
   ruby 2.3.0p0
>>>>>>> 3408e80858980dceaed63b6b24748297bd8d8e88

BUNDLED WITH
   1.12.5
